GEM
  remote: https://nexus.vinted.net/repository/rubygems-hosted-repos-group/
  specs:
    datadog_method_tracer (0.2.2)
      ddtrace (>= 0.29.0)
    pronto-packwerk (0.1.5)
      packwerk (~> 2.0.0)
      pronto (>= 0.10.0)
    rubocop-vinted (0.7.0)
      rubocop (~> 0.93)
      rubocop-rspec (~> 1.44)
      rubocop-vintedmetrics (~> 0.2)
    rubocop-vintedmetrics (0.3.1)
      rubocop (>= 0.93)
    sidekiq-pro (4.0.4)
      concurrent-ruby (>= 1.0.5)
      sidekiq (>= 5.2.1)
    vinted-admin_client (0.4.0)
      faraday (< 2)
      faraday_middleware (~> 1)
    vinted-event_tracker (0.3.0)
      json
      rest-client (~> 2.0)
    vinted-kafka (0.6.0)
      activesupport (>= 6)
      rdkafka (~> 0.11.1)
      thor
    vinted-logger (0.8.0)
    vinted-metrics (3.2.0)
      listen
      prometheus-client-mmap (>= 0.16.0)
      rack
      webrick (~> 1.7)
    vinted-online_schema_change (0.38.0)
      activerecord (>= 6.0)
      mysql2 (~> 0.5.2)
    vinted-svc_client (0.20.1)
      faraday (~> 1.0)
      faraday-http-cache (~> 2.0)
      faraday_middleware (~> 1.0)
    vinted-svc_shipping_client (3.9.2)
    vinted-vitess_adapter (0.4.0)
      activerecord (>= 6.1)
      mysql2 (~> 0.5.2)
      vinted-vtctl (~> 5.1)
    vinted-vtctl (5.1.1)
      grpc (~> 1.42)
      grpc-tools (~> 1.42)

GEM
  remote: https://nexus.vinted.net/repository/rubygems-proxy-repos-group/
  specs:
    Ascii85 (1.0.3)
    actioncable (6.1.4.7)
      actionpack (= 6.1.4.7)
      activesupport (= 6.1.4.7)
      nio4r (~> 2.0)
      websocket-driver (>= 0.6.1)
    actionmailbox (6.1.4.7)
      actionpack (= 6.1.4.7)
      activejob (= 6.1.4.7)
      activerecord (= 6.1.4.7)
      activestorage (= 6.1.4.7)
      activesupport (= 6.1.4.7)
      mail (>= 2.7.1)
    actionmailer (6.1.4.7)
      actionpack (= 6.1.4.7)
      actionview (= 6.1.4.7)
      activejob (= 6.1.4.7)
      activesupport (= 6.1.4.7)
      mail (~> 2.5, >= 2.5.4)
      rails-dom-testing (~> 2.0)
    actionpack (6.1.4.7)
      actionview (= 6.1.4.7)
      activesupport (= 6.1.4.7)
      rack (~> 2.0, >= 2.0.9)
      rack-test (>= 0.6.3)
      rails-dom-testing (~> 2.0)
      rails-html-sanitizer (~> 1.0, >= 1.2.0)
    actiontext (6.1.4.7)
      actionpack (= 6.1.4.7)
      activerecord (= 6.1.4.7)
      activestorage (= 6.1.4.7)
      activesupport (= 6.1.4.7)
      nokogiri (>= 1.8.5)
    actionview (6.1.4.7)
      activesupport (= 6.1.4.7)
      builder (~> 3.1)
      erubi (~> 1.4)
      rails-dom-testing (~> 2.0)
      rails-html-sanitizer (~> 1.1, >= 1.2.0)
    active_attr (0.15.3)
      actionpack (>= 3.0.2, < 7.0)
      activemodel (>= 3.0.2, < 7.0)
      activesupport (>= 3.0.2, < 7.0)
    activejob (6.1.4.7)
      activesupport (= 6.1.4.7)
      globalid (>= 0.3.6)
    activemodel (6.1.4.7)
      activesupport (= 6.1.4.7)
    activemodel-serializers-xml (1.0.2)
      activemodel (> 5.x)
      activesupport (> 5.x)
      builder (~> 3.1)
    activerecord (6.1.4.7)
      activemodel (= 6.1.4.7)
      activesupport (= 6.1.4.7)
    activestorage (6.1.4.7)
      actionpack (= 6.1.4.7)
      activejob (= 6.1.4.7)
      activerecord (= 6.1.4.7)
      activesupport (= 6.1.4.7)
      marcel (~> 1.0.0)
      mini_mime (>= 1.1.0)
    activesupport (6.1.4.7)
      concurrent-ruby (~> 1.0, >= 1.0.2)
      i18n (>= 1.6, < 2)
      minitest (>= 5.1)
      tzinfo (~> 2.0)
      zeitwerk (~> 2.3)
    addressable (2.8.0)
      public_suffix (>= 2.0.2, < 5.0)
    afm (0.2.2)
    ancestry (4.0.0)
      activerecord (>= 5.2.4.5)
    apipie-rails (0.5.19)
      rails (>= 4.1)
    apnotic (1.6.1)
      connection_pool (~> 2)
      net-http2 (>= 0.18.3, < 2)
    ast (2.4.2)
    auto_strip_attributes (2.0.6)
      activerecord (>= 3.0)
    awesome_print (1.9.2)
    aws-eventstream (1.1.0)
    aws-partitions (1.429.0)
    aws-record (2.5.0)
      aws-sdk-dynamodb (~> 1.18)
    aws-sdk-core (3.112.0)
      aws-eventstream (~> 1, >= 1.0.2)
      aws-partitions (~> 1, >= 1.239.0)
      aws-sigv4 (~> 1.1)
      jmespath (~> 1.0)
    aws-sdk-dynamodb (1.59.0)
      aws-sdk-core (~> 3, >= 3.112.0)
      aws-sigv4 (~> 1.1)
    aws-sdk-kms (1.42.0)
      aws-sdk-core (~> 3, >= 3.112.0)
      aws-sigv4 (~> 1.1)
    aws-sdk-rails (3.6.0)
      aws-record (~> 2)
      aws-sdk-ses (~> 1)
      aws-sdk-sqs (~> 1)
      aws-sessionstore-dynamodb (~> 2)
      concurrent-ruby (~> 1)
      railties (>= 5.2.0)
    aws-sdk-s3 (1.88.2)
      aws-sdk-core (~> 3, >= 3.112.0)
      aws-sdk-kms (~> 1)
      aws-sigv4 (~> 1.1)
    aws-sdk-ses (1.37.0)
      aws-sdk-core (~> 3, >= 3.112.0)
      aws-sigv4 (~> 1.1)
    aws-sdk-sqs (1.36.0)
      aws-sdk-core (~> 3, >= 3.112.0)
      aws-sigv4 (~> 1.1)
    aws-sessionstore-dynamodb (2.0.1)
      aws-sdk-dynamodb (~> 1)
      rack (~> 2)
    aws-sigv4 (1.2.2)
      aws-eventstream (~> 1, >= 1.0.2)
    benchmark-ips (2.9.1)
    better_errors (2.9.1)
      coderay (>= 1.0.0)
      erubi (>= 1.0.0)
      rack (>= 0.9.0)
    better_html (1.0.16)
      actionview (>= 4.0)
      activesupport (>= 4.0)
      ast (~> 2.0)
      erubi (~> 1.4)
      html_tokenizer (~> 0.0.6)
      parser (>= 2.4)
      smart_properties
    binding_of_caller (0.8.0)
      debug_inspector (>= 0.0.1)
    biz (1.8.2)
      clavius (~> 1.0)
      tzinfo
    blockenspiel (0.5.0)
    bootsnap (1.7.5)
      msgpack (~> 1.0)
    brakeman (5.0.1)
    browserify-rails (4.4.0)
      addressable (>= 2.4.0)
      railties (>= 4.0.0)
      sprockets (>= 3.6.0)
    builder (3.2.4)
    bullet (6.1.4)
      activesupport (>= 3.0.0)
      uniform_notifier (~> 1.11)
    chained_job (0.7.0)
    ci_reporter (2.0.0)
      builder (>= 2.1.2)
    ci_reporter_rspec (1.0.0)
      ci_reporter (~> 2.0)
      rspec (>= 2.14, < 4)
    clavius (1.0.4)
    cmdparse (3.0.7)
    coderay (1.1.3)
    concurrent-ruby (1.1.9)
    connection_pool (2.2.5)
    constant_resolver (0.1.5)
    coverband (5.1.1)
      redis
    crack (0.4.5)
      rexml
    crass (1.0.6)
    damerau-levenshtein (1.3.3)
    date_validator (0.8.1)
      activemodel
    ddtrace (0.53.0)
      ffi (~> 1.0)
      msgpack
    debase (0.2.4.1)
      debase-ruby_core_source (>= 0.10.2)
    debase-ruby_core_source (0.10.11)
    debug_inspector (0.0.3)
    declarative (0.0.10)
    declarative-option (0.1.0)
    diff-lcs (1.4.4)
    digest-crc (0.6.4)
      rake (>= 12.0.0, < 14.0.0)
    docile (1.4.0)
    domain_name (0.5.20190701)
      unf (>= 0.0.5, < 1.0.0)
    doorkeeper (5.3.3)
      railties (>= 5)
    doorkeeper-grants_assertion (0.3.1)
      doorkeeper (>= 4.0)
      railties (>= 5.0)
    dotenv (2.7.6)
    dotenv-rails (2.7.6)
      dotenv (= 2.7.6)
      railties (>= 3.2)
    draper (3.1.0)
      actionpack (>= 5.0)
      activemodel (>= 5.0)
      activemodel-serializers-xml (>= 1.0)
      activesupport (>= 5.0)
      request_store (>= 1.0)
    elasticsearch (7.9.0)
      elasticsearch-api (= 7.9.0)
      elasticsearch-transport (= 7.9.0)
    elasticsearch-api (7.9.0)
      multi_json
    elasticsearch-model (7.1.1)
      activesupport (> 3)
      elasticsearch (> 1)
      hashie
    elasticsearch-rails (7.1.1)
    elasticsearch-transport (7.9.0)
      faraday (~> 1)
      multi_json
    erubi (1.10.0)
    erubis (2.7.0)
    eslintrb (2.1.0)
      execjs
      multi_json (>= 1.3)
      rake
    et-orbi (1.1.4)
      tzinfo
    eventmachine (1.2.7)
    excon (0.71.0)
    execjs (2.8.1)
    factory_bot (6.2.0)
      activesupport (>= 5.0.0)
    factory_bot_rails (6.2.0)
      factory_bot (~> 6.2.0)
      railties (>= 5.0.0)
    faraday (1.4.2)
      faraday-em_http (~> 1.0)
      faraday-em_synchrony (~> 1.0)
      faraday-excon (~> 1.1)
      faraday-net_http (~> 1.0)
      faraday-net_http_persistent (~> 1.1)
      multipart-post (>= 1.2, < 3)
      ruby2_keywords (>= 0.0.4)
    faraday-em_http (1.0.0)
    faraday-em_synchrony (1.0.0)
    faraday-excon (1.1.0)
    faraday-http-cache (2.2.0)
      faraday (>= 0.8)
    faraday-net_http (1.0.1)
    faraday-net_http_persistent (1.1.0)
    faraday_middleware (1.0.0)
      faraday (~> 1.0)
    fast_trie (0.5.0)
    fcm (0.0.6)
      httparty (~> 0.10, >= 0.10.0)
    ffi (1.15.5)
    flay (2.12.1)
      erubis (~> 2.7.0)
      path_expander (~> 1.0)
      ruby_parser (~> 3.0)
      sexp_processor (~> 4.0)
    fog-core (1.37.0)
      builder
      excon (~> 0.45)
      formatador (~> 0.2)
    fog-json (1.0.2)
      fog-core (~> 1.0)
      multi_json (~> 1.10)
    fog-rackspace (0.1.1)
      fog-core (>= 1.35)
      fog-json (>= 1.0)
      fog-xml (>= 0.1)
      ipaddress (>= 0.8)
    fog-xml (0.1.2)
      fog-core
      nokogiri (~> 1.5, >= 1.5.11)
    foreman (0.86.0)
    formatador (0.2.5)
    friendlyfashion-rails_autolink (1.0.13)
      rails (> 3.1)
    fugit (1.1.5)
      et-orbi (~> 1.1, >= 1.1.3)
      raabro (~> 1.1)
    geocoder (1.7.3)
    geom2d (0.3.1)
    gitlab (4.17.0)
      httparty (~> 0.18)
      terminal-table (~> 1.5, >= 1.5.1)
    globalid (1.0.0)
      activesupport (>= 5.0)
    google-api-client (0.37.2)
      addressable (~> 2.5, >= 2.5.1)
      googleauth (~> 0.9)
      httpclient (>= 2.8.1, < 3.0)
      mini_mime (~> 1.0)
      representable (~> 3.0)
      retriable (>= 2.0, < 4.0)
      signet (~> 0.12)
    google-cloud-core (1.5.0)
      google-cloud-env (~> 1.0)
      google-cloud-errors (~> 1.0)
    google-cloud-env (1.3.1)
      faraday (>= 0.17.3, < 2.0)
    google-cloud-errors (1.0.0)
    google-cloud-storage (1.25.1)
      addressable (~> 2.5)
      digest-crc (~> 0.4)
      google-api-client (~> 0.33)
      google-cloud-core (~> 1.2)
      googleauth (~> 0.9)
      mini_mime (~> 1.0)
    google-protobuf (3.19.4)
    googleapis-common-protos-types (1.3.0)
      google-protobuf (~> 3.14)
    googleauth (0.12.0)
      faraday (>= 0.17.3, < 2.0)
      jwt (>= 1.4, < 3.0)
      memoist (~> 0.16)
      multi_json (~> 1.11)
      os (>= 0.9, < 2.0)
      signet (~> 0.14)
    graphwerk (1.2.1)
      activesupport
      packwerk
      ruby-graphviz
      sorbet-runtime
    grpc (1.45.0)
      google-protobuf (~> 3.19)
      googleapis-common-protos-types (~> 1.0)
    grpc-tools (1.43.1)
    gssapi (1.2.0)
      ffi (>= 1.0.1)
    hashdiff (1.0.1)
    hashery (2.1.1)
    hashie (3.4.6)
    hexapdf (0.11.9)
      cmdparse (~> 3.0, >= 3.0.3)
      geom2d (~> 0.2)
    hiredis (0.6.0)
    holidays (8.4.1)
    html_tokenizer (0.0.7)
    http-2 (0.11.0)
    http-accept (1.7.0)
    http-cookie (1.0.4)
      domain_name (~> 0.5)
    http_accept_language (2.1.1)
    httparty (0.18.1)
      mime-types (~> 3.0)
      multi_xml (>= 0.5.2)
    httpclient (2.8.3)
    i18n (1.10.0)
      concurrent-ruby (~> 1.0)
    iban-tools (1.1.0)
    imagen (0.1.8)
      parser (>= 2.5, != 2.5.1.1)
    impala (0.5.1)
      gssapi (~> 1.2)
      thrift (~> 0.9)
    interactor-initializer (0.4.0)
    ipaddress (0.8.3)
    jasmine (3.7.0)
      jasmine-core (~> 3.7.0)
      phantomjs
      rack (>= 1.2.1)
      rake
    jasmine-core (3.7.1)
    jasmine_junitxml_formatter (3.0.0)
      jasmine (~> 3.0)
      nokogiri
    jmespath (1.4.0)
    jquery-rails (4.4.0)
      rails-dom-testing (>= 1, < 3)
      railties (>= 4.2.0)
      thor (>= 0.14, < 2.0)
    json (2.5.1)
    json_spec (1.1.4)
      multi_json (~> 1.0)
      rspec (>= 2.0, < 4.0)
    jwt (2.2.1)
    kgio (2.9.3)
    koala (2.0.0)
      addressable
      faraday
      multi_json
    launchy (2.4.3)
      addressable (~> 2.3)
    letter_opener (1.4.1)
      launchy (~> 2.2)
    libxml-ruby (3.2.1)
    liquid (4.0.3)
    listen (3.7.1)
      rb-fsevent (~> 0.10, >= 0.10.3)
      rb-inotify (~> 0.9, >= 0.9.10)
    loc (0.1.1)
    loofah (2.14.0)
      crass (~> 1.0.2)
      nokogiri (>= 1.5.9)
    lru_redux (1.1.0)
    mail (2.7.1)
      mini_mime (>= 0.1.1)
    marcel (1.0.2)
    marginalia (1.8.0)
      actionpack (>= 2.3)
      activerecord (>= 2.3)
    maruku (0.7.3)
    maxminddb (0.1.22)
    memcached (1.8.0)
    memcached_store (2.1.6)
      activesupport (>= 4)
      memcached (~> 1.8.0)
    memoist (0.16.2)
    method_source (1.0.0)
    mime-types (3.3.1)
      mime-types-data (~> 3.2015)
    mime-types-data (3.2021.0225)
    mimemagic (0.3.10)
      nokogiri (~> 1)
      rake
    mini_mime (1.1.2)
    mini_portile2 (2.8.0)
    minitest (5.15.0)
    mock_redis (0.29.0)
      ruby2_keywords
    money (6.13.1)
      i18n (>= 0.6.4, <= 2)
    msgpack (1.4.2)
    multi_json (1.15.0)
    multi_xml (0.6.0)
    multipart-post (2.1.1)
    mysql2 (0.5.3)
    named (1.1.0)
    net-http2 (0.18.4)
      http-2 (~> 0.11)
    net-sftp (2.1.2)
      net-ssh (>= 2.6.5)
    net-ssh (2.9.2)
    netrc (0.11.0)
    nexmo (5.9.0)
      jwt (~> 2)
    nio4r (2.5.8)
    nokogiri (1.13.4)
      mini_portile2 (~> 2.8.0)
      racc (~> 1.4)
    non-stupid-digest-assets (1.0.9)
      sprockets (>= 2.0)
    oauth2 (1.4.7)
      faraday (>= 0.8, < 2.0)
      jwt (>= 1.0, < 3.0)
      multi_json (~> 1.3)
      multi_xml (~> 0.5)
      rack (>= 1.2, < 3)
    octokit (4.21.0)
      faraday (>= 0.9)
      sawyer (~> 0.8.0, >= 0.5.3)
    oj (3.7.8)
    os (1.1.0)
    packwerk (2.0.0)
      activesupport (>= 5.2)
      ast
      better_html
      bundler
      constant_resolver
      parallel
      parser
      sorbet-runtime
    parallel (1.21.0)
    parallel_tests (3.7.0)
      parallel
    parser (2.7.2.0)
      ast (~> 2.4.1)
    path_expander (1.1.0)
    pbkdf2-ruby (0.2.1)
    pdf-reader (1.3.3)
      Ascii85 (~> 1.0.0)
      afm (~> 0.2.0)
      hashery (~> 2.0)
      ruby-rc4
      ttfunk
    phantomjs (2.1.1.0)
    phonelib (0.6.41)
    prawn (0.13.2)
      pdf-reader (~> 1.2)
      ruby-rc4
      ttfunk (~> 1.0.3)
    prometheus-client-mmap (0.16.0)
    pronto (0.11.0)
      gitlab (~> 4.4, >= 4.4.0)
      httparty (>= 0.13.7)
      octokit (~> 4.7, >= 4.7.0)
      rainbow (>= 2.2, < 4.0)
      rexml (~> 3.2)
      rugged (>= 0.23.0, < 1.1.0)
      thor (>= 0.20.3, < 2.0)
    pronto-brakeman (0.11.0)
      brakeman (>= 3.2.0)
      pronto (~> 0.11.0)
    pronto-eslint (0.11.0)
      eslintrb (~> 2.0, >= 2.0.0)
      pronto (~> 0.11.0)
    pronto-eslint_npm (0.11.0)
      pronto (~> 0.11.0)
    pronto-flay (0.11.0)
      flay (~> 2.8)
      pronto (~> 0.11.0)
    pronto-rails_migrations (0.12.0)
      pronto (>= 0.10.0)
    pronto-rubocop (0.11.1)
      pronto (~> 0.11.0)
      rubocop (>= 0.63.1, < 2.0)
    pronto-undercover (0.1.6)
      pronto (>= 0.9, < 0.12)
      undercover (~> 0.3.4)
    pry (0.14.1)
      coderay (~> 1.1)
      method_source (~> 1.0)
    pry-rails (0.3.9)
      pry (>= 0.10.4)
    pry-remote (0.1.8)
      pry (~> 0.9)
      slop (~> 3.0)
    public_suffix (4.0.6)
    raabro (1.1.6)
    racc (1.6.0)
    rack (2.2.3)
    rack-attack (6.3.1)
      rack (>= 1.0, < 3)
    rack-protection (2.2.0)
      rack
    rack-proxy (0.6.5)
      rack
    rack-test (1.1.0)
      rack (>= 1.0, < 3)
    rails (6.1.4.7)
      actioncable (= 6.1.4.7)
      actionmailbox (= 6.1.4.7)
      actionmailer (= 6.1.4.7)
      actionpack (= 6.1.4.7)
      actiontext (= 6.1.4.7)
      actionview (= 6.1.4.7)
      activejob (= 6.1.4.7)
      activemodel (= 6.1.4.7)
      activerecord (= 6.1.4.7)
      activestorage (= 6.1.4.7)
      activesupport (= 6.1.4.7)
      bundler (>= 1.15.0)
      railties (= 6.1.4.7)
      sprockets-rails (>= 2.0.0)
    rails-controller-testing (1.0.5)
      actionpack (>= 5.0.1.rc1)
      actionview (>= 5.0.1.rc1)
      activesupport (>= 5.0.1.rc1)
    rails-dom-testing (2.0.3)
      activesupport (>= 4.2.0)
      nokogiri (>= 1.6)
    rails-html-sanitizer (1.4.2)
      loofah (~> 2.3)
    railties (6.1.4.7)
      actionpack (= 6.1.4.7)
      activesupport (= 6.1.4.7)
      method_source
      rake (>= 0.13)
      thor (~> 1.0)
    rainbow (3.1.1)
    raindrops (0.13.0)
    rake (13.0.6)
    rb-fsevent (0.11.1)
    rb-inotify (0.10.1)
      ffi (~> 1.0)
    rb-readline (0.5.5)
    rdkafka (0.11.1)
      ffi (~> 1.15)
      mini_portile2 (~> 2.6)
      rake (> 12)
    react_on_rails (12.2.0)
      addressable
      connection_pool
      execjs (~> 2.5)
      rails (>= 3.2)
      rainbow (~> 3.0)
      webpacker (>= 4.0)
    redis (4.5.1)
    redis-namespace (1.8.1)
      redis (>= 3.0.4)
    regexp_parser (2.2.0)
    representable (3.0.4)
      declarative (< 0.1.0)
      declarative-option (< 0.2.0)
      uber (< 0.2.0)
    request_local_cache (0.3.0)
      activesupport (>= 4.2.0)
    request_store (1.4.1)
      rack (>= 1.4)
    responders (3.0.0)
      actionpack (>= 5.0)
      railties (>= 5.0)
    rest-client (2.0.2)
      http-cookie (>= 1.0.2, < 2.0)
      mime-types (>= 1.16, < 4.0)
      netrc (~> 0.8)
    retriable (3.1.2)
    rexml (3.2.5)
    rspec (3.10.0)
      rspec-core (~> 3.10.0)
      rspec-expectations (~> 3.10.0)
      rspec-mocks (~> 3.10.0)
    rspec-activemodel-mocks (1.1.0)
      activemodel (>= 3.0)
      activesupport (>= 3.0)
      rspec-mocks (>= 2.99, < 4.0)
    rspec-collection_matchers (1.2.0)
      rspec-expectations (>= 2.99.0.beta1)
    rspec-core (3.10.1)
      rspec-support (~> 3.10.0)
    rspec-expectations (3.10.1)
      diff-lcs (>= 1.2.0, < 2.0)
      rspec-support (~> 3.10.0)
    rspec-instrumentation-matcher (0.0.9)
      activesupport
      rspec-expectations
    rspec-its (1.3.0)
      rspec-core (>= 3.0.0)
      rspec-expectations (>= 3.0.0)
    rspec-mocks (3.10.2)
      diff-lcs (>= 1.2.0, < 2.0)
      rspec-support (~> 3.10.0)
    rspec-rails (5.0.2)
      actionpack (>= 5.2)
      activesupport (>= 5.2)
      railties (>= 5.2)
      rspec-core (~> 3.10)
      rspec-expectations (~> 3.10)
      rspec-mocks (~> 3.10)
      rspec-support (~> 3.10)
    rspec-support (3.10.2)
    rubocop (0.93.1)
      parallel (~> 1.10)
      parser (>= 2.7.1.5)
      rainbow (>= 2.2.2, < 4.0)
      regexp_parser (>= 1.8)
      rexml
      rubocop-ast (>= 0.6.0)
      ruby-progressbar (~> 1.7)
      unicode-display_width (>= 1.4.0, < 2.0)
    rubocop-ast (1.4.1)
      parser (>= 2.7.1.5)
    rubocop-rails (2.3.2)
      rack (>= 1.1)
      rubocop (>= 0.72.0)
    rubocop-rspec (1.44.1)
      rubocop (~> 0.87)
      rubocop-ast (>= 0.7.1)
    ruby-debug-ide (0.7.0.beta7)
      rake (>= 0.8.1)
    ruby-graphviz (1.2.5)
      rexml
    ruby-kafka (1.4.0)
      digest-crc
    ruby-prof (1.4.3)
    ruby-prof-speedscope (0.3.0)
      ruby-prof (~> 1.0)
    ruby-progressbar (1.11.0)
    ruby-rc4 (0.1.5)
    ruby2_keywords (0.0.4)
    ruby_parser (3.16.0)
      sexp_processor (~> 4.15, >= 4.15.1)
    rufus-scheduler (3.5.2)
      fugit (~> 1.1, >= 1.1.5)
    rugged (1.0.1)
    sassc (2.4.0)
      ffi (~> 1.9)
    sassc-rails (2.1.2)
      railties (>= 4.0.0)
      sassc (>= 2.0)
      sprockets (> 3.0)
      sprockets-rails
      tilt
    sawyer (0.8.2)
      addressable (>= 2.3.5)
      faraday (> 0.8, < 2.0)
    searchlight (3.1.1)
      named (~> 1.0)
    seedbank (0.4.0)
    semantic_range (2.3.0)
    semian (0.11.4)
    sexp_processor (4.15.3)
    shoulda-matchers (4.1.1)
      activesupport (>= 4.2.0)
    sidekiq (5.2.10)
      connection_pool (~> 2.2, >= 2.2.2)
      rack (~> 2.0)
      rack-protection (>= 1.5.0)
      redis (~> 4.5, < 4.6.0)
    sidekiq-cron (1.0.4)
      fugit (~> 1.1)
      sidekiq (>= 4.2.1)
    sidekiq-failures (1.0.0)
      sidekiq (>= 4.0.0)
    sidekiq-monitor-stats (0.0.2)
      sidekiq
    sidekiq-pool (1.9.2)
      sidekiq (>= 3.0, < 7.0)
    signet (0.14.0)
      addressable (~> 2.3)
      faraday (>= 0.17.3, < 2.0)
      jwt (>= 1.5, < 3.0)
      multi_json (~> 1.10)
    simplecov (0.21.2)
      docile (~> 1.1)
      simplecov-html (~> 0.11)
      simplecov_json_formatter (~> 0.1)
    simplecov-html (0.12.3)
    simplecov-lcov (0.7.0)
    simplecov_json_formatter (0.1.3)
    sitemap_generator (5.0.5)
      builder
    slop (3.6.0)
    smart_properties (1.17.0)
    sorbet-runtime (0.5.9465)
    spring (4.0.0)
    spring-commands-rspec (1.0.4)
      spring (>= 0.9.1)
    sprockets (4.0.3)
      concurrent-ruby (~> 1.0)
      rack (> 1, < 3)
    sprockets-rails (3.4.2)
      actionpack (>= 5.2)
      activesupport (>= 5.2)
      sprockets (>= 3.0.0)
    sql_fingerprint (0.1.0)
    stackprof (0.2.17)
    statsd-ruby (1.3.0)
    stringex (1.5.1)
    subcontractor (0.9.0)
    table_print (1.5.6)
    terminal-table (1.8.0)
      unicode-display_width (~> 1.1, >= 1.1.1)
    text (1.3.1)
    thor (1.2.1)
    thrift (0.10.0.0)
    tilt (2.0.10)
    timecop (0.8.1)
    toxiproxy (1.0.3)
    traceroute (0.5.0)
      rails (>= 3.0.0)
    ttfunk (1.0.3)
    twitter-text (1.9.2)
      unf (~> 0.1.0)
    tzinfo (2.0.4)
      concurrent-ruby (~> 1.0)
    uber (0.1.0)
    uglifier (4.2.0)
      execjs (>= 0.3.0, < 3)
    undercover (0.3.4)
      imagen (>= 0.1.8)
      rainbow (>= 2.1, < 4.0)
      rugged (>= 0.27, < 1.1)
    unf (0.1.4)
      unf_ext
    unf_ext (0.0.7.7)
    unicode-display_width (1.8.0)
    unicorn (4.9.0)
      kgio (~> 2.6)
      rack
      raindrops (~> 0.7)
    unicorn-rails (2.2.1)
      rack
      unicorn
    uniform_notifier (1.14.2)
    useragent (0.14.0)
    uuidtools (2.2.0)
    versionomy (0.5.0)
      blockenspiel (~> 0.5)
    vinted-blurrily (1.3.0)
      activesupport (>= 4)
      eventmachine
    vinted-crummy (1.11.0)
    webmock (3.13.0)
      addressable (>= 2.3.6)
      crack (>= 0.3.2)
      hashdiff (>= 0.4.0, < 2.0.0)
    webpacker (5.1.1)
      activesupport (>= 5.2)
      rack-proxy (>= 0.6.1)
      railties (>= 5.2)
      semantic_range (>= 2.3.0)
    webrick (1.7.0)
    websocket-driver (0.7.5)
      websocket-extensions (>= 0.1.0)
    websocket-extensions (0.1.5)
    will_paginate (3.1.7)
    zeitwerk (2.5.4)
    zip_tricks (4.6.0)

PLATFORMS
  ruby

DEPENDENCIES
  active_attr
  activejob
  ancestry (~> 4.0.0)
  apipie-rails (~> 0.5)
  apnotic
  auto_strip_attributes (~> 2.0.0)
  awesome_print
  aws-sdk-rails (~> 3.6)
  aws-sdk-s3 (~> 1.88, >= 1.88.2)
  benchmark-ips
  better_errors
  binding_of_caller
  biz
  bootsnap
  browserify-rails
  builder (~> 3.2.0)
  bullet
  chained_job (~> 0.7.0)
  ci_reporter_rspec
  coverband
  damerau-levenshtein (~> 1.3.3)
  datadog_method_tracer!
  date_validator (~> 0.8.0)
  ddtrace
  debase
  doorkeeper (~> 5.3.3)
  doorkeeper-grants_assertion (~> 0.3.0)
  dotenv-rails
  draper
  elasticsearch (~> 7.9.0)
  elasticsearch-api (~> 7.9)
  elasticsearch-model
  elasticsearch-rails
  factory_bot_rails
  faraday
  faraday-http-cache
  fast_trie (~> 0.5.0)
  fcm
  fog-rackspace
  foreman
  friendlyfashion-rails_autolink (~> 1.0.13)
  geocoder (~> 1.4)
  google-cloud-storage (~> 1.25)
  google-protobuf
  graphwerk
  hashie (~> 3.4.0)
  hexapdf (~> 0.11.9)
  hiredis (~> 0.6)
  holidays
  http-accept (~> 1.7)
  http_accept_language (~> 2.1, >= 2.1.1)
  httpclient (~> 2.8.1)
  iban-tools (~> 1.1.0)
  impala (~> 0.5.0)
  interactor-initializer (~> 0.4.0)
  jasmine
  jasmine-core
  jasmine_junitxml_formatter
  jquery-rails
  json_spec
  jwt (~> 2.2)
  koala (~> 2.0.0)
  launchy
  letter_opener
  libxml-ruby
  liquid (~> 4.0.3)
  listen
  loc (~> 0.1.1)
  lru_redux (~> 1.1)
  marginalia
  maruku
  maxminddb (= 0.1.22)
  memcached_store
  mime-types
  mimemagic (~> 0.3.10)
  mock_redis
  money (~> 6.5)
  msgpack (~> 1.4.2)
  mysql2 (~> 0.5.2)
  net-sftp (~> 2.1.2)
  nexmo (~> 5.9)
  nokogiri (~> 1.13)
  non-stupid-digest-assets (~> 1.0.4)
  oauth2 (~> 1.4.7)
  oj
  packwerk (~> 2.0.0)
  parallel_tests
  parser (~> 2.7.2.0)
  pbkdf2-ruby
  phonelib
  prawn (= 0.13.2)
  pronto
  pronto-brakeman
  pronto-eslint
  pronto-eslint_npm
  pronto-flay
  pronto-packwerk!
  pronto-rails_migrations (>= 0.12.0)
  pronto-rubocop
  pronto-undercover
  pry
  pry-rails
  pry-remote
  rack (~> 2.2)
  rack-attack (~> 6.3)
  rack-proxy (~> 0.6.5)
  rails (~> 6.1.4, >= 6.1.4.7)
  rails-controller-testing
  rake
  rb-readline
  react_on_rails (= 12.2.0)
  redis (~> 4.5.0)
  redis-namespace (~> 1.8)
  request_local_cache (~> 0.3.0)
  responders
  rest-client (~> 2.0.2)
  rspec-activemodel-mocks
  rspec-collection_matchers
  rspec-instrumentation-matcher
  rspec-its
  rspec-rails (>= 5.0.1)
  rubocop-rails
  rubocop-vinted!
  ruby-debug-ide
  ruby-kafka (~> 1.4.0)
  ruby-prof
  ruby-prof-speedscope
  rufus-scheduler (~> 3.5.0)
  sassc-rails
  searchlight (~> 3.1.0)
  seedbank
  semian
  shoulda-matchers
  sidekiq (~> 5.2.0)
  sidekiq-cron (~> 1.0)
  sidekiq-failures (~> 1.0)
  sidekiq-monitor-stats (~> 0.0.2)
  sidekiq-pool (~> 1.9)
  sidekiq-pro (~> 4.0)!
  simplecov
  simplecov-lcov
  sitemap_generator (~> 5.0.0)
  spring
  spring-commands-rspec
  sprockets (>= 3.7)
  sprockets-rails
  sql_fingerprint (~> 0.1)
  stackprof
  statsd-ruby (= 1.3.0)
  stringex (= 1.5.1)
  subcontractor
  table_print
  text (~> 1.3.0)
  timecop
  toxiproxy
  traceroute
  twitter-text (~> 1.9.0)
  uglifier
  undercover
  unicorn (~> 4.9.0)
  unicorn-rails
  useragent (~> 0.10)
  uuidtools (~> 2.2.0)
  versionomy (= 0.5.0)
  vinted-admin_client (~> 0.4.0)!
  vinted-blurrily
  vinted-crummy
  vinted-event_tracker (~> 0.3.0)!
  vinted-kafka (~> 0.6.0)!
  vinted-logger (~> 0.8.0)!
  vinted-metrics (~> 3.2.0)!
  vinted-online_schema_change (~> 0.38.0)!
  vinted-svc_client (~> 0.20.0)!
  vinted-svc_shipping_client (~> 3.9.2)!
  vinted-vitess_adapter (~> 0.4.0)!
  webmock
  webpacker (~> 5.1.1)
  will_paginate
  zip_tricks (= 4.6.0)

BUNDLED WITH
   2.2.22
